GEM
  remote: https://rubygems.org/
  specs:
    diff-lcs (1.4.4)
    duktape (2.6.0.0)
    fileutils (1.5.0)
    nokogiri (1.11.7-x64-mingw32)
      racc (~> 1.4)
    open-uri (0.1.0)
    optparse (0.1.0)
    pool (0.0.1)
    racc (1.5.2)
    rspec (3.10.0)
      rspec-core (~> 3.10.0)
      rspec-expectations (~> 3.10.0)
      rspec-mocks (~> 3.10.0)
    rspec-core (3.10.1)
      rspec-support (~> 3.10.0)
    rspec-expectations (3.10.1)
      diff-lcs (>= 1.2.0, < 2.0)
      rspec-support (~> 3.10.0)
    rspec-mocks (3.10.2)
      diff-lcs (>= 1.2.0, < 2.0)
      rspec-support (~> 3.10.0)
    rspec-support (3.10.2)
    thread (0.2.2)

PLATFORMS
  x64-mingw32

DEPENDENCIES
  duktape (~> 2.6)
  fileutils (~> 1.5)
  nokogiri (~> 1.11)
  open-uri (~> 0.1.0)
  optparse (~> 0.1.0)
  pool (~> 0.0.1)
  rspec (~> 3.10)
  thread (~> 0.2.2)

BUNDLED WITH
   2.2.19
